GEM
  remote: https://rubygems.org/
  specs:
    json (2.1.0)
    redis (3.3.3)

PLATFORMS
  ruby

DEPENDENCIES
  json!
  redis!

BUNDLED WITH
   1.13.6
